GEM
  remote: http://rubygems.org/
  specs:
    chronic (0.6.7)
    fusion_tables (0.3.1)
      gdata_19 (>= 1.1.2)
    gdata_19 (1.1.5)
    rake (0.8.7)

PLATFORMS
  ruby

DEPENDENCIES
  chronic
  fusion_tables
  rake (= 0.8.7)
