GEM
  remote: http://rubygems.org/
  specs:
    chronic (0.6.7)
    pg (0.14.0)
    rake (0.8.7)
    sequel (3.37.0)

PLATFORMS
  ruby

DEPENDENCIES
  chronic
  pg
  rake (= 0.8.7)
  sequel
