GIT
  remote: git://github.com/derekeder/fusion_tables.git
  revision: 21e625ee3df2d24a3358de6fcf848dae3ba180ba
  specs:
    fusion_tables (0.3.2)
      gdata_19 (>= 1.1.2)

GEM
  remote: http://rubygems.org/
  specs:
    chronic (0.9.0)
    gdata_19 (1.1.5)
    json (1.7.6)
    rake (0.8.7)

PLATFORMS
  ruby

DEPENDENCIES
  chronic
  fusion_tables!
  json
  rake (= 0.8.7)
